GEM
  remote: https://rubygems.org/
  specs:
    activemodel (7.0.8.1)
      activesupport (= 7.0.8.1)
    activesupport (7.0.8.1)
      concurrent-ruby (~> 1.0, >= 1.0.2)
      i18n (>= 1.6, < 2)
      minitest (>= 5.1)
      tzinfo (~> 2.0)
    bson (5.0.0)
    concurrent-ruby (1.2.3)
    i18n (1.14.4)
      concurrent-ruby (~> 1.0)
    minitest (5.22.3)
    mongo (2.20.0)
      bson (>= 4.14.1, < 6.0.0)
    mongoid (7.5.4)
      activemodel (>= 5.1, < 7.1, != 7.0.0)
      mongo (>= 2.10.5, < 3.0.0)
      ruby2_keywords (~> 0.0.5)
    ruby2_keywords (0.0.5)
    thor (1.3.1)
    tzinfo (2.0.6)
      concurrent-ruby (~> 1.0)

PLATFORMS
  x86_64-linux

DEPENDENCIES
  mongoid (~> 7.0)
  thor

RUBY VERSION
   ruby 3.0.2p107

BUNDLED WITH
   2.3.5
